GEM
  remote: https://rubygems.org/
  specs:
    ffi (1.15.4)
    kramdown (2.3.1)
      rexml
    kramdown-parser-gfm (1.1.0)
      kramdown (~> 2.0)
    listen (3.2.1)
      rb-fsevent (~> 0.10, >= 0.10.3)
      rb-inotify (~> 0.9, >= 0.9.10)
    rb-fsevent (0.11.0)
    rb-inotify (0.10.1)
      ffi (~> 1.0)
    rexml (3.3.9)

PLATFORMS
  universal-darwin-18
  x86_64-linux

DEPENDENCIES
  kramdown-parser-gfm
  listen (~> 3.2.1)

BUNDLED WITH
   2.2.27
